GIT
  remote: git://github.com/adaoraul/rack-jekyll.git
  revision: f5064cd72daee87eaf87bb838453af3caebee536
  specs:
    rack-jekyll (0.4.1)
      jekyll (>= 1.3)
      rack (~> 1.5)

GEM
  remote: http://ruby.taobao.org/
  specs:
    blankslate (2.1.2.4)
    celluloid (0.16.0)
      timers (~> 4.0.0)
    classifier-reborn (2.0.2)
      fast-stemmer (~> 1.0)
    coffee-script (2.3.0)
      coffee-script-source
      execjs
    coffee-script-source (1.8.0)
    colorator (0.1)
    execjs (2.2.2)
    fast-stemmer (1.0.2)
    ffi (1.9.6)
    hitimes (1.2.2)
    jekyll (2.5.2)
      classifier-reborn (~> 2.0)
      colorator (~> 0.1)
      jekyll-coffeescript (~> 1.0)
      jekyll-gist (~> 1.0)
      jekyll-paginate (~> 1.0)
      jekyll-sass-converter (~> 1.0)
      jekyll-watch (~> 1.1)
      kramdown (~> 1.3)
      liquid (~> 2.6.1)
      mercenary (~> 0.3.3)
      pygments.rb (~> 0.6.0)
      redcarpet (~> 3.1)
      safe_yaml (~> 1.0)
      toml (~> 0.1.0)
    jekyll-coffeescript (1.0.1)
      coffee-script (~> 2.2)
    jekyll-gist (1.1.0)
    jekyll-paginate (1.1.0)
    jekyll-sass-converter (1.2.1)
      sass (~> 3.2)
    jekyll-watch (1.1.2)
      listen (~> 2.7)
    kgio (2.9.2)
    kramdown (1.5.0)
    liquid (2.6.1)
    listen (2.8.3)
      celluloid (>= 0.15.2)
      rb-fsevent (>= 0.9.3)
      rb-inotify (>= 0.9)
    mercenary (0.3.5)
    parslet (1.5.0)
      blankslate (~> 2.0)
    posix-spawn (0.3.9)
    pygments.rb (0.6.0)
      posix-spawn (~> 0.3.6)
      yajl-ruby (~> 1.1.0)
    rack (1.5.2)
    rack-contrib (1.2.0)
      rack (>= 0.9.1)
    raindrops (0.13.0)
    rb-fsevent (0.9.4)
    rb-inotify (0.9.5)
      ffi (>= 0.5.0)
    redcarpet (3.2.1)
    safe_yaml (1.0.4)
    sass (3.4.9)
    timers (4.0.1)
      hitimes
    toml (0.1.2)
      parslet (~> 1.5.0)
    unicorn (4.8.3)
      kgio (~> 2.6)
      rack
      raindrops (~> 0.7)
    yajl-ruby (1.1.0)

PLATFORMS
  ruby

DEPENDENCIES
  jekyll
  rack-contrib
  rack-jekyll!
  unicorn
